PATH
  remote: .
  specs:
    whitepotion (0.0.1)
      MotionLocalize
      cdq
      motion_print
      rake

GEM
  remote: https://rubygems.org/
  specs:
    MotionLocalize (0.0.3)
    activesupport (4.2.4)
      i18n (~> 0.7)
      json (~> 1.7, >= 1.7.7)
      minitest (~> 5.1)
      thread_safe (~> 0.3, >= 0.3.4)
      tzinfo (~> 1.1)
    builder (3.2.2)
    cdq (1.0.8)
      motion-yaml (= 1.4)
      ruby-xcdm (>= 0.0.9)
    i18n (0.7.0)
    json (1.8.3)
    minitest (5.8.0)
    motion-yaml (1.4)
    motion_print (1.2.0)
    newclear (1.3)
      reset-sim
    plist (3.1.0)
    rake (10.4.2)
    reset-sim (1.0)
    ruby-xcdm (0.0.9)
      activesupport (~> 4.1)
      builder (~> 3.2)
      plist (~> 3.1)
    thread_safe (0.3.5)
    tzinfo (1.2.2)
      thread_safe (~> 0.1)

PLATFORMS
  ruby

DEPENDENCIES
  MotionLocalize
  cdq
  newclear
  whitepotion!

BUNDLED WITH
   1.10.5
